GEM
  remote: https://rubygems.org/
  specs:
    minitest (5.8.4)
    rack (1.6.4)
    rack-protection (1.5.3)
      rack
    rake (10.5.0)
    sinatra (1.4.7)
      rack (~> 1.5)
      rack-protection (~> 1.4)
      tilt (>= 1.3, < 3)
    tilt (2.0.2)

PLATFORMS
  ruby

DEPENDENCIES
  minitest
  rake
  sinatra

BUNDLED WITH
   1.10.6
